GEM
  remote: https://ruby.taobao.org/
  specs:
    ruby-ole (1.2.12)
    spreadsheet (1.1.2)
      ruby-ole (>= 1.0)

PLATFORMS
  ruby

DEPENDENCIES
  spreadsheet

BUNDLED WITH
   1.10.6
